GEM
  remote: http://rubygems.org/
  specs:
    mime-types (2.4.1)
    mini_portile2 (2.5.1)
    netrc (0.7.7)
    nokogiri (1.11.4)
      mini_portile2 (~> 2.5.0)
      racc (~> 1.4)
    racc (1.5.2)
    rack (1.5.2)
    rack-protection (1.5.3)
      rack
    rest-client (1.7.2)
      mime-types (>= 1.16, < 3.0)
      netrc (~> 0.7)
    ruby-jmeter (2.11.22)
      nokogiri
      rest-client
    sinatra (1.4.5)
      rack (~> 1.4)
      rack-protection (~> 1.4)
      tilt (~> 1.3, >= 1.3.4)
    tilt (1.4.1)

PLATFORMS
  ruby

DEPENDENCIES
  ruby-jmeter
  sinatra
