GEM
  remote: http://rubygems.org/
  specs:
    domain_name (0.5.20190701)
      unf (>= 0.0.5, < 1.0.0)
    http-accept (1.7.0)
    http-cookie (1.0.3)
      domain_name (~> 0.5)
    mime-types (3.3)
      mime-types-data (~> 3.2015)
    mime-types-data (3.2019.0904)
    mini_portile2 (2.4.0)
    netrc (0.11.0)
    nokogiri (1.10.4)
      mini_portile2 (~> 2.4.0)
    rack (1.5.2)
    rack-protection (1.5.3)
      rack
    rest-client (2.1.0)
      http-accept (>= 1.7.0, < 2.0)
      http-cookie (>= 1.0.2, < 2.0)
      mime-types (>= 1.16, < 4.0)
      netrc (~> 0.8)
    ruby-jmeter (3.1.08)
      nokogiri
      rest-client
    sinatra (1.4.5)
      rack (~> 1.4)
      rack-protection (~> 1.4)
      tilt (~> 1.3, >= 1.3.4)
    tilt (1.4.1)
    unf (0.1.4)
      unf_ext
    unf_ext (0.0.7.6)

PLATFORMS
  ruby

DEPENDENCIES
  ruby-jmeter (>= 2.11.22)
  sinatra

BUNDLED WITH
   1.17.3
