GEM
  remote: http://rubygems.org/
  specs:
    mime-types (2.4.1)
    mini_portile (0.6.0)
    mustermann (1.1.1)
      ruby2_keywords (~> 0.0.1)
    netrc (0.7.7)
    nokogiri (1.6.3.1)
      mini_portile (= 0.6.0)
    rack (2.2.3)
    rack-protection (2.0.8.1)
      rack
    rest-client (1.7.2)
      mime-types (>= 1.16, < 3.0)
      netrc (~> 0.7)
    ruby-jmeter (2.11.22)
      nokogiri
      rest-client
    ruby2_keywords (0.0.2)
    sinatra (2.0.8.1)
      mustermann (~> 1.0)
      rack (~> 2.0)
      rack-protection (= 2.0.8.1)
      tilt (~> 2.0)
    tilt (2.0.10)

PLATFORMS
  ruby

DEPENDENCIES
  ruby-jmeter
  sinatra (>= 2.0.0)

BUNDLED WITH
   1.17.3
