GEM
  remote: http://rubygems.org/
  specs:
    mime-types (2.4.1)
    mini_portile (0.6.0)
    mustermann (1.0.3)
    netrc (0.7.7)
    nokogiri (1.6.3.1)
      mini_portile (= 0.6.0)
    rack (2.0.6)
    rack-protection (2.0.4)
      rack
    rest-client (1.7.2)
      mime-types (>= 1.16, < 3.0)
      netrc (~> 0.7)
    ruby-jmeter (2.11.22)
      nokogiri
      rest-client
    sinatra (2.0.4)
      mustermann (~> 1.0)
      rack (~> 2.0)
      rack-protection (= 2.0.4)
      tilt (~> 2.0)
    tilt (2.0.8)

PLATFORMS
  ruby

DEPENDENCIES
  ruby-jmeter
  sinatra (>= 1.4.5)

BUNDLED WITH
   1.16.6
